GEM
  remote: https://rubygems.org/
  specs:
    osc-ruby (1.1.0)

PLATFORMS
  ruby

DEPENDENCIES
  osc-ruby
