GEM
  remote: https://rubygems.org/
  specs:
    openwferu-scheduler (0.9.16.1404)
    osc-ruby (1.1.0)

PLATFORMS
  ruby

DEPENDENCIES
  openwferu-scheduler
  osc-ruby
